GIT
  remote: https://github.com/secretworry/faraday.git
  revision: b34ecbb6cd4d0b2280cdb19a15f1d39a9b0eb309
  specs:
    faraday (0.8.0)
      multipart-post (~> 1.1)

GEM
  remote: http://rubygems.org/
  specs:
    activesupport (3.2.7)
      i18n (~> 0.6)
      multi_json (~> 1.0)
    httpauth (0.1)
    i18n (0.6.0)
    jwt (0.1.5)
      multi_json (>= 1.0)
    multi_json (1.3.6)
    multipart-post (1.1.5)
    oauth2 (0.8.0)
      faraday (~> 0.8)
      httpauth (~> 0.1)
      jwt (~> 0.1.4)
      multi_json (~> 1.0)
      rack (~> 1.2)
    rack (1.4.1)

PLATFORMS
  ruby

DEPENDENCIES
  activesupport (~> 3.2.1)
  faraday!
  oauth2 (~> 0.8.0)
